GEM
  remote: https://rubygems.org/
  specs:
    daemons (1.1.9)
    dotenv (0.11.1)
      dotenv-deployment (~> 0.0.2)
    dotenv-deployment (0.0.2)
    erubis (2.7.0)
    eventmachine (1.0.3)
    foreman (0.75.0)
      dotenv (~> 0.11.1)
      thor (~> 0.19.1)
    rack (1.6.13)
    thin (1.6.2)
      daemons (>= 1.0.9)
      eventmachine (>= 1.0.0)
      rack (>= 1.0.0)
    thor (0.19.1)

PLATFORMS
  ruby

DEPENDENCIES
  erubis (~> 2.7.0)
  foreman (~> 0.75.0)
  rack (~> 1.6.13)
  thin (~> 1.6.2)
